PATH
  remote: .
  specs:
    hypocorism (0.0.1)

GEM
  remote: http://rubygems.org/
  specs:

PLATFORMS
  ruby

DEPENDENCIES
  hypocorism!

BUNDLED WITH
   1.13.1
